GEM
  remote: https://rubygems.org/
  specs:
    mini_portile (0.6.2)
    nokogiri (1.6.6.2)
      mini_portile (~> 0.6.0)
    rake (12.3.0)

PLATFORMS
  ruby

DEPENDENCIES
  nokogiri
  rake

BUNDLED WITH
   1.16.0
