GEM
  remote: https://rubygems.org/
  specs:
    mini_portile2 (2.4.0)
    nokogiri (1.10.7)
      mini_portile2 (~> 2.4.0)
    rake (12.3.0)

PLATFORMS
  ruby

DEPENDENCIES
  nokogiri (>= 1.10.4)
  rake

BUNDLED WITH
   2.1.2
